GIT
  remote: git://github.com/arbovm/couch_potato
  revision: d5a1857c448b224b247a550322b330460eaf958b
  specs:
    couch_potato (0.2.31)
      couchrest (>= 0.24)
      json

GIT
  remote: git://github.com/ianwhite/pickle.git
  revision: 65ba8b7337f38d0ab4c153b3ab687e13de7086c7
  specs:
    pickle (0.4.2)
      cucumber (>= 0.8)
      rake
      rspec (>= 1.3)
      yard

GEM
  remote: http://rubygems.org/
  specs:
    ZenTest (4.4.0)
    abstract (1.0.0)
    actionpack (3.0.1)
      activemodel (= 3.0.1)
      activesupport (= 3.0.1)
      builder (~> 2.1.2)
      erubis (~> 2.6.6)
      i18n (~> 0.4.1)
      rack (~> 1.2.1)
      rack-mount (~> 0.6.12)
      rack-test (~> 0.5.4)
      tzinfo (~> 0.3.23)
    activemodel (3.0.1)
      activesupport (= 3.0.1)
      builder (~> 2.1.2)
      i18n (~> 0.4.1)
    activesupport (3.0.1)
    autotest-growl (0.2.6)
    autotest-rails (4.1.0)
      ZenTest
    builder (2.1.2)
    couchrest (1.0.1)
      json (>= 1.4.6)
      mime-types (>= 1.15)
      rest-client (>= 1.5.1)
    cucumber (0.9.2)
      builder (~> 2.1.2)
      diff-lcs (~> 1.1.2)
      gherkin (~> 2.2.5)
      json (~> 1.4.6)
      term-ansicolor (~> 1.0.5)
    cucumber-rails (0.3.2)
      cucumber (>= 0.8.0)
    database_cleaner (0.5.2)
    devise (1.0.6)
      warden (~> 0.10.3)
    diff-lcs (1.1.2)
    email_veracity (0.6.0)
    erotte-validatable (1.8.4)
      activesupport (>= 2.3.4)
    erubis (2.6.6)
      abstract (>= 1.0.0)
    fastercsv (1.5.3)
    formtastic (1.1.0)
      actionpack (>= 2.3.0)
      activesupport (>= 2.3.0)
      i18n (>= 0.4.0)
    gherkin (2.2.9)
      json (~> 1.4.6)
      term-ansicolor (~> 1.0.5)
    github (0.4.3)
      highline (~> 1.5.1)
      json (>= 1.2.0)
      text-format (>= 1.0.0)
    haml (2.2.3)
    highline (1.5.2)
    i18n (0.4.1)
    json (1.4.6)
    json_pure (1.4.3)
    mime-types (1.16)
    nokogiri (1.4.3.1)
    open4 (0.9.6)
    rack (1.2.1)
    rack-mount (0.6.13)
      rack (>= 1.0.0)
    rack-test (0.5.6)
      rack (>= 1.0)
    rake (0.8.7)
    rake-remote_task (2.0.2)
      open4 (~> 0.9.0)
      rake (~> 0.8.0)
    rest-client (1.6.1)
      mime-types (>= 1.16)
    rspec (2.0.0)
      rspec-core (= 2.0.0)
      rspec-expectations (= 2.0.0)
      rspec-mocks (= 2.0.0)
    rspec-core (2.0.0)
    rspec-expectations (2.0.0)
      diff-lcs (>= 1.1.2)
    rspec-mocks (2.0.0)
      rspec-core (= 2.0.0)
      rspec-expectations (= 2.0.0)
    rspec-rails (2.0.1)
      rspec (~> 2.0.0)
    simple_importer (0.1.0)
    spork (0.8.4)
    syntax (1.0.0)
    term-ansicolor (1.0.5)
    text-format (1.0.0)
      text-hyphen (~> 1.0.0)
    text-hyphen (1.0.0)
    tzinfo (0.3.23)
    vlad (2.1.0)
      open4 (~> 0.9.0)
      rake (~> 0.8.0)
      rake-remote_task (~> 2.0)
    vlad-git (2.2.0)
      vlad (>= 2.1.0)
    warden (0.10.7)
      rack (>= 1.0.0)
    webrat (0.7.1)
      nokogiri (>= 1.2.0)
      rack (>= 1.0)
      rack-test (>= 0.5.3)
    will_paginate (2.3.15)
    yard (0.6.1)

PLATFORMS
  ruby

DEPENDENCIES
  ZenTest
  autotest-growl
  autotest-rails
  couch_potato!
  couchrest
  cucumber (>= 0.4.3)
  cucumber-rails (>= 0.2.4)
  database_cleaner (>= 0.4.3)
  devise (= 1.0.6)
  email_veracity
  erotte-validatable
  fastercsv
  formtastic
  github
  haml (= 2.2.3)
  json
  json_pure (= 1.4.3)
  pickle!
  rspec (>= 1.3.0)
  rspec-rails (>= 1.3.2)
  simple_importer
  spork
  syntax
  vlad
  vlad-git
  webrat (>= 0.6.0)
  will_paginate
