GIT
  remote: git://github.com/ianwhite/pickle.git
  revision: ffc1c3e15932f6167670ba9444b992577c30b754
  specs:
    pickle (0.4.8)
      cucumber (>= 0.8)
      rake

GEM
  remote: http://rubygems.org/
  specs:
    actionmailer (3.1.0.rc5)
      actionpack (= 3.1.0.rc5)
      mail (~> 2.3.0)
    actionpack (3.1.0.rc5)
      activemodel (= 3.1.0.rc5)
      activesupport (= 3.1.0.rc5)
      builder (~> 3.0.0)
      erubis (~> 2.7.0)
      i18n (~> 0.6)
      rack (~> 1.3.1)
      rack-cache (~> 1.0.2)
      rack-mount (~> 0.8.1)
      rack-test (~> 0.6.0)
      sprockets (~> 2.0.0.beta.12)
    activemodel (3.1.0.rc5)
      activesupport (= 3.1.0.rc5)
      bcrypt-ruby (~> 2.1.4)
      builder (~> 3.0.0)
      i18n (~> 0.6)
    activesupport (3.1.0.rc5)
      multi_json (~> 1.0)
    addressable (2.2.6)
    ansi (1.3.0)
    bcrypt-ruby (2.1.4)
    builder (3.0.0)
    capybara (1.0.0)
      mime-types (>= 1.16)
      nokogiri (>= 1.3.3)
      rack (>= 1.0.0)
      rack-test (>= 0.5.4)
      selenium-webdriver (~> 0.2.0)
      xpath (~> 0.1.4)
    childprocess (0.2.0)
      ffi (~> 1.0.6)
    chunky_png (1.2.0)
    coffee-rails (3.1.0.rc.5)
      actionpack (~> 3.1.0.rc1)
      coffee-script (>= 2.2.0)
      railties (~> 3.1.0.rc1)
      sprockets (>= 2.0.0.beta.9)
    coffee-script (2.2.0)
      coffee-script-source
      execjs
    coffee-script-source (1.1.1)
    compass (0.11.5)
      chunky_png (~> 1.2)
      fssm (>= 0.2.7)
      sass (~> 3.1)
    compass-colors (0.9.0)
      compass (>= 0.8.7)
    couch_potato (0.5.6)
      activemodel
      couchrest (>= 1.0.1)
      json
    couchrest (1.1.2)
      mime-types (~> 1.15)
      multi_json (~> 1.0.0)
      rest-client (~> 1.6.1)
    cucumber (1.0.2)
      builder (>= 2.1.2)
      diff-lcs (>= 1.1.2)
      gherkin (~> 2.4.5)
      json (>= 1.4.6)
      term-ansicolor (>= 1.0.5)
    cucumber-rails (1.0.2)
      capybara (>= 1.0.0)
      cucumber (~> 1.0.0)
      nokogiri (>= 1.4.6)
    database_cleaner (0.6.7)
    devise (1.4.2)
      bcrypt-ruby (~> 2.1.2)
      orm_adapter (~> 0.0.3)
      warden (~> 1.0.3)
    diff-lcs (1.1.2)
    email_spec (1.2.1)
      mail (~> 2.2)
      rspec (~> 2.0)
    email_veracity (0.6.0)
    erubis (2.7.0)
    execjs (1.2.1)
      multi_json (~> 1.0)
    fastercsv (1.5.4)
    ffi (1.0.9)
    fssm (0.2.7)
    fuubar (0.0.5)
      rspec (~> 2.0)
      rspec-instafail (~> 0.1.4)
      ruby-progressbar (~> 0.0.10)
    fuubar-cucumber (0.0.12)
      cucumber
      ruby-progressbar (~> 0.0.10)
    gherkin (2.4.5)
      json (>= 1.4.6)
    haml (3.1.2)
    haml-rails (0.3.4)
      actionpack (~> 3.0)
      activesupport (~> 3.0)
      haml (~> 3.0)
      railties (~> 3.0)
    hike (1.2.0)
    i18n (0.6.0)
    infinity_test (1.0.3)
      notifiers (>= 1.1.0)
      watchr (>= 0.7)
    jquery-rails (1.0.12)
      railties (~> 3.0)
      thor (~> 0.14)
    json (1.5.3)
    json_pure (1.5.3)
    kgio (2.6.0)
    launchy (2.0.5)
      addressable (~> 2.2.6)
    mail (2.3.0)
      i18n (>= 0.4.0)
      mime-types (~> 1.16)
      treetop (~> 1.4.8)
    mime-types (1.16)
    multi_json (1.0.3)
    nokogiri (1.5.0)
    notifiers (1.1.0)
    open4 (0.9.6)
    orm_adapter (0.0.5)
    polyglot (0.3.2)
    rack (1.3.2)
    rack-cache (1.0.2)
      rack (>= 0.4)
    rack-mount (0.8.1)
      rack (>= 1.0.0)
    rack-ssl (1.3.2)
      rack
    rack-test (0.6.1)
      rack (>= 1.0)
    railties (3.1.0.rc5)
      actionpack (= 3.1.0.rc5)
      activesupport (= 3.1.0.rc5)
      rack-ssl (~> 1.3.2)
      rake (>= 0.8.7)
      rdoc (~> 3.4)
      thor (~> 0.14.6)
    raindrops (0.7.0)
    rake (0.9.2)
    rake-remote_task (2.0.4)
      open4 (~> 0.9.0)
      rake (~> 0.8)
    rdoc (3.8)
    rest-client (1.6.3)
      mime-types (>= 1.16)
    rspec (2.6.0)
      rspec-core (~> 2.6.0)
      rspec-expectations (~> 2.6.0)
      rspec-mocks (~> 2.6.0)
    rspec-core (2.6.4)
    rspec-expectations (2.6.0)
      diff-lcs (~> 1.1.2)
    rspec-instafail (0.1.8)
    rspec-mocks (2.6.0)
    rspec-rails (2.6.1)
      actionpack (~> 3.0)
      activesupport (~> 3.0)
      railties (~> 3.0)
      rspec (~> 2.6.0)
    ruby-progressbar (0.0.10)
    rubyzip (0.9.4)
    sass (3.1.5)
    sass-rails (3.1.0.rc.5)
      actionpack (~> 3.1.0.rc1)
      railties (~> 3.1.0.rc1)
      sass (>= 3.1.4)
      sprockets (>= 2.0.0.beta.9)
    selenium-webdriver (0.2.2)
      childprocess (>= 0.1.9)
      ffi (>= 1.0.7)
      json_pure
      rubyzip
    spork (0.8.5)
    sprockets (2.0.0.beta.12)
      hike (~> 1.2)
      rack (~> 1.0)
      tilt (~> 1.1, != 1.3.0)
    syntax (1.0.0)
    term-ansicolor (1.0.6)
    thor (0.14.6)
    tilt (1.3.2)
    treetop (1.4.10)
      polyglot
      polyglot (>= 0.3.1)
    turn (0.8.2)
      ansi (>= 1.2.2)
    tzinfo (0.3.29)
    uglifier (1.0.0)
      execjs (>= 0.3.0)
      multi_json (>= 1.0.2)
    unicorn (4.0.1)
      kgio (~> 2.4)
      rack
      raindrops (~> 0.6)
    validatable (1.6.7)
    vlad (2.2.1)
      open4 (~> 0.9.0)
      rake (~> 0.8)
      rake-remote_task (~> 2.0)
    vlad-extras (0.1.2)
    vlad-git (2.2.0)
      vlad (>= 2.1.0)
    warden (1.0.5)
      rack (>= 1.0)
    watchr (0.7)
    will_paginate (2.3.15)
    xpath (0.1.4)
      nokogiri (~> 1.3)

PLATFORMS
  ruby

DEPENDENCIES
  actionmailer (= 3.1.0.rc5)
  actionpack (= 3.1.0.rc5)
  activemodel (= 3.1.0.rc5)
  bundler (~> 1.0.15)
  capybara
  coffee-rails (~> 3.1.0.rc)
  compass
  compass-colors
  couch_potato
  cucumber-rails
  database_cleaner
  devise
  email_spec
  email_veracity
  fastercsv
  fuubar
  fuubar-cucumber
  haml-rails
  infinity_test
  jquery-rails
  launchy
  pickle!
  railties (= 3.1.0.rc5)
  rspec
  rspec-rails
  sass-rails (~> 3.1.0.rc)
  spork
  syntax
  turn
  tzinfo
  uglifier
  unicorn
  validatable
  vlad
  vlad-extras
  vlad-git
  will_paginate
